GEM
  remote: https://rubygems.org/
  specs:
    addressable (2.5.2)
      public_suffix (>= 2.0.2, < 4.0)
    hashie (3.5.7)
    httparty (0.15.6)
      multi_xml (>= 0.5.2)
    mini_portile2 (2.3.0)
    multi_xml (0.6.0)
    nokogiri (1.8.1)
      mini_portile2 (~> 2.3.0)
    public_suffix (3.0.1)
    rack (1.6.8)
    roda (3.3.0)
      rack
    sequel (5.3.0)

PLATFORMS
  ruby

DEPENDENCIES
  addressable
  hashie
  httparty
  nokogiri
  roda
  sequel

RUBY VERSION
   ruby 2.1.2p95

BUNDLED WITH
   1.16.1
